PATH
  remote: ../stackmint_capistrano
  specs:
    stackmint_capistrano (0.0.1)
      recap

PATH
  remote: .
  specs:
    stackmint (0.0.1)
      stackmint_capistrano (= 0.0.2)

GEM
  remote: https://rubygems.org/
  specs:
    capistrano (2.15.5)
      highline
      net-scp (>= 1.0.0)
      net-sftp (>= 2.0.0)
      net-ssh (>= 2.0.14)
      net-ssh-gateway (>= 1.1.0)
    highline (1.6.20)
    net-scp (1.1.2)
      net-ssh (>= 2.6.5)
    net-sftp (2.1.2)
      net-ssh (>= 2.6.5)
    net-ssh (2.8.0)
    net-ssh-gateway (1.2.0)
      net-ssh (>= 2.6.5)
    open4 (1.3.0)
    rake (13.0.1)
    recap (1.2.2)
      capistrano (~> 2.9)
      open4
      thor
    thor (0.18.1)

PLATFORMS
  ruby

DEPENDENCIES
  bundler (~> 1.3)
  rake
  stackmint!
  stackmint_capistrano!
