PATH
  remote: .
  specs:
    stackmint_capistrano (0.0.1)
      recap

GEM
  remote: https://rubygems.org/
  specs:
    bump (0.5.0)
    capistrano (2.15.5)
      highline
      net-scp (>= 1.0.0)
      net-sftp (>= 2.0.0)
      net-ssh (>= 2.0.14)
      net-ssh-gateway (>= 1.1.0)
    capistrano-spec (0.6.3)
    diff-lcs (1.2.5)
    highline (1.6.20)
    net-scp (1.1.2)
      net-ssh (>= 2.6.5)
    net-sftp (2.1.2)
      net-ssh (>= 2.6.5)
    net-ssh (2.8.0)
    net-ssh-gateway (1.2.0)
      net-ssh (>= 2.6.5)
    newrelic_rpm (3.9.6.257)
    open4 (1.3.0)
    rake (13.0.1)
    recap (1.2.2)
      capistrano (~> 2.9)
      open4
      thor
    rspec (2.14.1)
      rspec-core (~> 2.14.0)
      rspec-expectations (~> 2.14.0)
      rspec-mocks (~> 2.14.0)
    rspec-core (2.14.7)
    rspec-expectations (2.14.5)
      diff-lcs (>= 1.1.3, < 2.0)
    rspec-mocks (2.14.5)
    thor (0.18.1)

PLATFORMS
  ruby

DEPENDENCIES
  bump
  bundler (~> 1.3)
  capistrano (= 2.15.5)
  capistrano-spec
  newrelic_rpm
  rake (~> 13.0)
  recap
  rspec
  stackmint_capistrano!
